GEM
  remote: http://rubygems.org/
  specs:
    mime-types (1.17.2)
    nokogiri (1.5.0)
    rest-client (1.6.7)
      mime-types (>= 1.16)
    sanitize (2.0.3)
      nokogiri (>= 1.4.4, < 1.6)
    sequel (3.32.0)
    sqlite3 (1.3.5)

PLATFORMS
  ruby

DEPENDENCIES
  nokogiri
  rest-client
  sanitize
  sequel
  sqlite3
